GEM
  remote: http://rubygems.org/
  specs:
    colorize (0.7.3)
    mini_portile (0.6.0)
    nokogiri (1.6.3.1)
      mini_portile (= 0.6.0)
    terminal-table (1.4.5)

PLATFORMS
  ruby

DEPENDENCIES
  colorize
  nokogiri
  terminal-table
